GEM
  remote: http://rubygems.org/
  specs:
    chinese_pinyin (0.4.1)
    json (1.6.1)
    json (1.6.1-java)
    rack (1.3.5)
    rack-protection (1.1.4)
      rack
    rdiscount (1.6.8)
    sinatra (1.3.1)
      rack (~> 1.3, >= 1.3.4)
      rack-protection (~> 1.1, >= 1.1.2)
      tilt (~> 1.3, >= 1.3.3)
    tilt (1.3.3)

PLATFORMS
  java
  ruby

DEPENDENCIES
  chinese_pinyin
  json
  rdiscount
  sinatra
